GEM
  remote: http://rubygems.org/
  specs:
    addressable (2.2.2)
    diff-lcs (1.1.2)
    faraday (0.5.3)
      addressable (~> 2.2.2)
      multipart-post (~> 1.0.1)
      rack (< 2, >= 1.1.0)
    hashie (0.4.0)
    json (1.4.6)
    multipart-post (1.0.1)
    rack (1.2.1)
    rcov (0.9.9)
    rspec (2.5.0)
      rspec-core (~> 2.5.0)
      rspec-expectations (~> 2.5.0)
      rspec-mocks (~> 2.5.0)
    rspec-core (2.5.1)
    rspec-expectations (2.5.0)
      diff-lcs (~> 1.1.2)
    rspec-mocks (2.5.0)

PLATFORMS
  ruby

DEPENDENCIES
  bundler (~> 1.0.10)
  faraday (~> 0.5.3)
  hashie (~> 0.4.0)
  json (~> 1.4.6)
  rcov
  rspec (~> 2.5.0)
